GIT
  remote: https://github.com/sferik/twitter.git
  revision: 844818cad07ce490ccb9d8542ebb6b4fc7a61cb4
  specs:
    twitter (6.2.0)
      addressable (~> 2.3)
      buftok (~> 0.2.0)
      equalizer (~> 0.0.11)
      http (~> 3.0)
      http-form_data (~> 2.0)
      http_parser.rb (~> 0.6.0)
      memoizable (~> 0.4.0)
      multipart-post (~> 2.0)
      naught (~> 1.0)
      simple_oauth (~> 0.3.0)

GIT
  remote: https://github.com/wimm/rubyntlm
  revision: 53969639b87b9e5d5fef560f19cf0d977259591c
  specs:
    rubyntlm (0.1.2)

GIT
  remote: https://github.com/zammad-deps/autodiscover
  revision: ee9b53dfa797ce6d4f970b82beea7fbdd2df56bb
  specs:
    autodiscover (1.0.2)
      httpclient
      logging
      nokogiri
      nori

GEM
  remote: https://rubygems.org/
  specs:
    actioncable (5.1.6.1)
      actionpack (= 5.1.6.1)
      nio4r (~> 2.0)
      websocket-driver (~> 0.6.1)
    actionmailer (5.1.6.1)
      actionpack (= 5.1.6.1)
      actionview (= 5.1.6.1)
      activejob (= 5.1.6.1)
      mail (~> 2.5, >= 2.5.4)
      rails-dom-testing (~> 2.0)
    actionpack (5.1.6.1)
      actionview (= 5.1.6.1)
      activesupport (= 5.1.6.1)
      rack (~> 2.0)
      rack-test (>= 0.6.3)
      rails-dom-testing (~> 2.0)
      rails-html-sanitizer (~> 1.0, >= 1.0.2)
    actionview (5.1.6.1)
      activesupport (= 5.1.6.1)
      builder (~> 3.1)
      erubi (~> 1.4)
      rails-dom-testing (~> 2.0)
      rails-html-sanitizer (~> 1.0, >= 1.0.3)
    activejob (5.1.6.1)
      activesupport (= 5.1.6.1)
      globalid (>= 0.3.6)
    activemodel (5.1.6.1)
      activesupport (= 5.1.6.1)
    activerecord (5.1.6.1)
      activemodel (= 5.1.6.1)
      activesupport (= 5.1.6.1)
      arel (~> 8.0)
    activerecord-import (0.25.0)
      activerecord (>= 3.2)
    activerecord-nulldb-adapter (0.3.7)
      activerecord (>= 2.0.0)
    activerecord-session_store (1.1.0)
      actionpack (>= 4.0, < 5.2)
      activerecord (>= 4.0, < 5.2)
      multi_json (~> 1.11, >= 1.11.2)
      rack (>= 1.5.2, < 3)
      railties (>= 4.0, < 5.2)
    activesupport (5.1.6.1)
      concurrent-ruby (~> 1.0, >= 1.0.2)
      i18n (>= 0.7, < 2)
      minitest (~> 5.1)
      tzinfo (~> 1.1)
    addressable (2.5.2)
      public_suffix (>= 2.0.2, < 4.0)
    arel (8.0.0)
    argon2 (1.1.4)
      ffi (~> 1.9)
      ffi-compiler (~> 0.1)
    autoprefixer-rails (7.1.6)
      execjs
    biz (1.7.0)
      clavius (~> 1.0)
      tzinfo
    browser (2.5.2)
    buftok (0.2.0)
    builder (3.2.3)
    clavius (1.0.3)
    clearbit (0.2.8)
      nestful (~> 1.1.0)
    coffee-rails (4.2.2)
      coffee-script (>= 2.2.0)
      railties (>= 4.0.0)
    coffee-script (2.4.1)
      coffee-script-source
      execjs
    coffee-script-source (1.12.2)
    composite_primary_keys (10.0.5)
      activerecord (~> 5.1.0, >= 5.1.6)
    concurrent-ruby (1.1.3)
    crass (1.0.4)
    daemons (1.2.5)
    dalli (2.7.6)
    delayed_job (4.1.3)
      activesupport (>= 3.0, < 5.2)
    delayed_job_active_record (4.1.2)
      activerecord (>= 3.0, < 5.2)
      delayed_job (>= 3.0, < 5)
    diffy (3.2.0)
    domain_name (0.5.20180417)
      unf (>= 0.0.5, < 1.0.0)
    doorkeeper (4.4.0)
      railties (>= 4.2)
    dotenv (0.7.0)
    eco (1.0.0)
      coffee-script
      eco-source
      execjs
    eco-source (1.1.0.rc.1)
    em-websocket (0.5.1)
      eventmachine (>= 0.12.9)
      http_parser.rb (~> 0.6.0)
    equalizer (0.0.11)
    erubi (1.7.1)
    eventmachine (1.2.5)
    execjs (2.7.0)
    faraday (0.15.4)
      multipart-post (>= 1.2, < 3)
    ffi (1.9.25)
    ffi-compiler (0.1.3)
      ffi (>= 1.0.0)
      rake
    foreman (0.64.0)
      dotenv (~> 0.7.0)
      thor (>= 0.13.6)
    globalid (0.4.1)
      activesupport (>= 4.2.0)
    hashie (3.6.0)
    htmlentities (4.3.4)
    http (3.3.0)
      addressable (~> 2.3)
      http-cookie (~> 1.0)
      http-form_data (~> 2.0)
      http_parser.rb (~> 0.6.0)
    http-cookie (1.0.3)
      domain_name (~> 0.5)
    http-form_data (2.1.1)
    http_parser.rb (0.6.0)
    httpclient (2.8.3)
    i18n (1.1.1)
      concurrent-ruby (~> 1.0)
    icalendar (2.4.1)
    icalendar-recurrence (1.1.2)
      icalendar (~> 2.0)
      ice_cube (~> 0.13)
    ice_cube (0.16.2)
    inflection (1.0.0)
    json (2.1.0)
    jwt (2.1.0)
    kgio (2.11.0)
    koala (3.0.0)
      addressable
      faraday
      json (>= 1.8)
    libv8 (3.16.14.19)
    little-plugger (1.1.4)
    logging (2.2.2)
      little-plugger (~> 1.1)
      multi_json (~> 1.10)
    loofah (2.2.3)
      crass (~> 1.0.2)
      nokogiri (>= 1.5.9)
    mail (2.6.6)
      mime-types (>= 1.16, < 4)
    memoizable (0.4.2)
      thread_safe (~> 0.3, >= 0.3.1)
    method_source (0.9.2)
    mime-types (3.2.2)
      mime-types-data (~> 3.2015)
    mime-types-data (3.2018.0812)
    mini_portile2 (2.3.0)
    minitest (5.11.3)
    multi_json (1.13.1)
    multi_xml (0.6.0)
    multipart-post (2.0.0)
    naught (1.1.0)
    nestful (1.1.3)
    net-ldap (0.16.1)
    netrc (0.11.0)
    nio4r (2.3.1)
    nokogiri (1.8.5)
      mini_portile2 (~> 2.3.0)
    nori (2.6.0)
    oauth (0.5.3)
    oauth2 (1.4.1)
      faraday (>= 0.8, < 0.16.0)
      jwt (>= 1.0, < 3.0)
      multi_json (~> 1.3)
      multi_xml (~> 0.5)
      rack (>= 1.2, < 3)
    omniauth (1.9.0)
      hashie (>= 3.4.6, < 3.7.0)
      rack (>= 1.6.2, < 3)
    omniauth-facebook (4.0.0)
      omniauth-oauth2 (~> 1.2)
    omniauth-github (1.3.0)
      omniauth (~> 1.5)
      omniauth-oauth2 (>= 1.4.0, < 2.0)
    omniauth-gitlab (1.0.2)
      omniauth (~> 1.0)
      omniauth-oauth2 (~> 1.0)
    omniauth-google-oauth2 (0.6.0)
      jwt (>= 2.0)
      omniauth (>= 1.1.1)
      omniauth-oauth2 (>= 1.5)
    omniauth-linkedin-oauth2 (0.2.5)
      omniauth (~> 1.0)
      omniauth-oauth2
    omniauth-microsoft-office365 (0.0.7)
      omniauth
      omniauth-oauth2
    omniauth-oauth (1.1.0)
      oauth
      omniauth (~> 1.0)
    omniauth-oauth2 (1.6.0)
      oauth2 (~> 1.1)
      omniauth (~> 1.9)
    omniauth-twitter (1.4.0)
      omniauth-oauth (~> 1.1)
      rack
    omniauth-weibo-oauth2 (0.4.5)
      omniauth (~> 1.5)
      omniauth-oauth2 (>= 1.4.0)
    pg (0.21.0)
    public_suffix (3.0.1)
    puma (3.11.0)
    rack (2.0.6)
    rack-test (1.1.0)
      rack (>= 1.0, < 3)
    rails (5.1.6.1)
      actioncable (= 5.1.6.1)
      actionmailer (= 5.1.6.1)
      actionpack (= 5.1.6.1)
      actionview (= 5.1.6.1)
      activejob (= 5.1.6.1)
      activemodel (= 5.1.6.1)
      activerecord (= 5.1.6.1)
      activesupport (= 5.1.6.1)
      bundler (>= 1.3.0)
      railties (= 5.1.6.1)
      sprockets-rails (>= 2.0.0)
    rails-dom-testing (2.0.3)
      activesupport (>= 4.2.0)
      nokogiri (>= 1.6)
    rails-html-sanitizer (1.0.4)
      loofah (~> 2.2, >= 2.2.2)
    rails-observers (0.1.5)
      activemodel (>= 4.0)
    railties (5.1.6.1)
      actionpack (= 5.1.6.1)
      activesupport (= 5.1.6.1)
      method_source
      rake (>= 0.8.7)
      thor (>= 0.18.1, < 2.0)
    raindrops (0.19.0)
    rake (12.3.1)
    rchardet (1.8.0)
    ref (2.0.0)
    rest-client (2.0.2)
      http-cookie (>= 1.0.2, < 2.0)
      mime-types (>= 1.16, < 4.0)
      netrc (~> 0.8)
    sassc (2.0.0)
      ffi (~> 1.9.6)
      rake
    sassc-rails (2.0.0)
      railties (>= 4.0.0)
      sassc (>= 2.0)
      sprockets (> 3.0)
      sprockets-rails
      tilt
    simple_oauth (0.3.1)
    slack-notifier (2.3.1)
    sprockets (3.7.2)
      concurrent-ruby (~> 1.0)
      rack (> 1, < 3)
    sprockets-rails (3.2.1)
      actionpack (>= 4.0)
      activesupport (>= 4.0)
      sprockets (>= 3.0.0)
    telegramAPI (1.4.2)
      rest-client (~> 2.0, >= 2.0.2)
    telephone_number (1.3.0)
    therubyracer (0.12.3)
      libv8 (~> 3.16.14.15)
      ref
    thor (0.20.3)
    thread_safe (0.3.6)
    tilt (2.0.8)
    twilio-ruby (5.10.2)
      faraday (~> 0.9)
      jwt (>= 1.5, <= 2.5)
      nokogiri (>= 1.6, < 2.0)
    tzinfo (1.2.5)
      thread_safe (~> 0.1)
    uglifier (3.2.0)
      execjs (>= 0.3.0, < 3)
    unf (0.1.4)
      unf_ext
    unf_ext (0.0.7.5)
    unicorn (5.3.1)
      kgio (~> 2.6)
      raindrops (~> 0.7)
    valid_email2 (2.1.0)
      activemodel (>= 3.2)
      mail (~> 2.5)
    viewpoint (1.1.0)
      httpclient
      logging
      nokogiri
      rubyntlm
    websocket-driver (0.6.5)
      websocket-extensions (>= 0.1.0)
    websocket-extensions (0.1.3)
    writeexcel (1.0.5)
    zendesk_api (1.16.0)
      faraday (~> 0.9)
      hashie (>= 3.5.2, < 4.0.0)
      inflection
      mime-types
      multipart-post (~> 2.0)

PLATFORMS
  ruby

DEPENDENCIES
  activerecord-import
  activerecord-nulldb-adapter
  activerecord-session_store
  argon2
  autodiscover!
  autoprefixer-rails
  biz
  browser
  clearbit
  coffee-rails
  coffee-script-source
  composite_primary_keys
  daemons
  dalli
  delayed_job_active_record
  diffy
  doorkeeper
  eco
  em-websocket
  eventmachine
  execjs
  foreman
  htmlentities
  icalendar
  icalendar-recurrence
  json
  koala
  libv8
  mail (= 2.6.6)
  mime-types
  net-ldap
  oauth2
  omniauth
  omniauth-facebook
  omniauth-github
  omniauth-gitlab
  omniauth-google-oauth2
  omniauth-linkedin-oauth2
  omniauth-microsoft-office365
  omniauth-oauth2
  omniauth-twitter
  omniauth-weibo-oauth2
  pg
  puma
  rails (= 5.1.6.1)
  rails-observers
  rchardet (>= 1.8.0)
  rubyntlm!
  sassc-rails
  slack-notifier
  sprockets
  telegramAPI
  telephone_number
  therubyracer
  twilio-ruby
  twitter!
  uglifier
  unicorn
  valid_email2
  viewpoint
  writeexcel
  zendesk_api

RUBY VERSION
   ruby 2.4.4p296

BUNDLED WITH
   1.16.6
